PATH
  remote: .
  specs:
    twitter_images (0.3.0)
      json (~> 1.8.2, >= 1.8.2)
      launchy (~> 2.4, >= 2.4.3)
      oauth (~> 0.4, >= 0.4.7)
      ruby-progressbar (~> 1.7, >= 1.7.5)
      typhoeus (~> 1.0)

GEM
  remote: https://rubygems.org/
  specs:
    addressable (2.4.0)
    builder (3.2.2)
    codeclimate-test-reporter (0.4.8)
      simplecov (>= 0.7.1, < 1.0.0)
    crack (0.4.3)
      safe_yaml (~> 1.0.0)
    diff-lcs (1.2.5)
    docile (1.1.5)
    ethon (0.8.1)
      ffi (>= 1.3.0)
    ffi (1.9.10)
    hashdiff (0.2.3)
    json (1.8.3)
    launchy (2.4.3)
      addressable (~> 2.3)
    oauth (0.4.7)
    rake (10.4.2)
    rspec (3.4.0)
      rspec-core (~> 3.4.0)
      rspec-expectations (~> 3.4.0)
      rspec-mocks (~> 3.4.0)
    rspec-core (3.4.1)
      rspec-support (~> 3.4.0)
    rspec-expectations (3.4.0)
      diff-lcs (>= 1.2.0, < 2.0)
      rspec-support (~> 3.4.0)
    rspec-mocks (3.4.0)
      diff-lcs (>= 1.2.0, < 2.0)
      rspec-support (~> 3.4.0)
    rspec-support (3.4.1)
    rspec_junit_formatter (0.2.2)
      builder (< 4)
      rspec-core (>= 2, < 4, != 2.12.0)
    ruby-progressbar (1.7.5)
    safe_yaml (1.0.4)
    simplecov (0.11.1)
      docile (~> 1.1.0)
      json (~> 1.8)
      simplecov-html (~> 0.10.0)
    simplecov-html (0.10.0)
    typhoeus (1.0.1)
      ethon (>= 0.8.0)
    webmock (1.22.6)
      addressable (>= 2.3.6)
      crack (>= 0.3.2)
      hashdiff

PLATFORMS
  ruby

DEPENDENCIES
  bundler (~> 1.8)
  codeclimate-test-reporter (~> 0)
  rake (~> 10.0)
  rspec (~> 3.4)
  rspec_junit_formatter (= 0.2.2)
  twitter_images!
  webmock (= 1.22.6)

BUNDLED WITH
   1.11.2
