PATH
  remote: .
  specs:
    twitter_images (0.4.0)
      launchy (~> 2.4, >= 2.4.3)
      oauth (~> 0.4, >= 0.4.7)
      ruby-progressbar (~> 1.7, >= 1.7.5)
      twitter (~> 5.16)
      typhoeus (~> 1.0)

GEM
  remote: https://rubygems.org/
  specs:
    addressable (2.4.0)
    buftok (0.2.0)
    builder (3.2.2)
    codeclimate-test-reporter (0.4.8)
      simplecov (>= 0.7.1, < 1.0.0)
    crack (0.4.3)
      safe_yaml (~> 1.0.0)
    diff-lcs (1.2.5)
    docile (1.1.5)
    domain_name (0.5.25)
      unf (>= 0.0.5, < 1.0.0)
    equalizer (0.0.10)
    ethon (0.8.1)
      ffi (>= 1.3.0)
    faraday (0.9.2)
      multipart-post (>= 1.2, < 3)
    ffi (1.9.10)
    hashdiff (0.2.3)
    http (1.0.2)
      addressable (~> 2.3)
      http-cookie (~> 1.0)
      http-form_data (~> 1.0.1)
      http_parser.rb (~> 0.6.0)
    http-cookie (1.0.2)
      domain_name (~> 0.5)
    http-form_data (1.0.1)
    http_parser.rb (0.6.0)
    json (1.8.3)
    launchy (2.4.3)
      addressable (~> 2.3)
    memoizable (0.4.2)
      thread_safe (~> 0.3, >= 0.3.1)
    multipart-post (2.0.0)
    naught (1.1.0)
    oauth (0.4.7)
    rake (10.4.2)
    rspec (3.4.0)
      rspec-core (~> 3.4.0)
      rspec-expectations (~> 3.4.0)
      rspec-mocks (~> 3.4.0)
    rspec-core (3.4.1)
      rspec-support (~> 3.4.0)
    rspec-expectations (3.4.0)
      diff-lcs (>= 1.2.0, < 2.0)
      rspec-support (~> 3.4.0)
    rspec-mocks (3.4.0)
      diff-lcs (>= 1.2.0, < 2.0)
      rspec-support (~> 3.4.0)
    rspec-support (3.4.1)
    rspec_junit_formatter (0.2.2)
      builder (< 4)
      rspec-core (>= 2, < 4, != 2.12.0)
    ruby-progressbar (1.7.5)
    safe_yaml (1.0.4)
    simple_oauth (0.3.1)
    simplecov (0.11.1)
      docile (~> 1.1.0)
      json (~> 1.8)
      simplecov-html (~> 0.10.0)
    simplecov-html (0.10.0)
    thread_safe (0.3.5)
    twitter (5.16.0)
      addressable (~> 2.3)
      buftok (~> 0.2.0)
      equalizer (= 0.0.10)
      faraday (~> 0.9.0)
      http (~> 1.0)
      http_parser.rb (~> 0.6.0)
      json (~> 1.8)
      memoizable (~> 0.4.0)
      naught (~> 1.0)
      simple_oauth (~> 0.3.0)
    typhoeus (1.0.1)
      ethon (>= 0.8.0)
    unf (0.1.4)
      unf_ext
    unf_ext (0.0.7.1)
    webmock (1.22.6)
      addressable (>= 2.3.6)
      crack (>= 0.3.2)
      hashdiff

PLATFORMS
  ruby

DEPENDENCIES
  bundler (~> 1.8)
  codeclimate-test-reporter (~> 0)
  rake (~> 10.0)
  rspec (~> 3.4)
  rspec_junit_formatter (= 0.2.2)
  twitter_images!
  webmock (= 1.22.6)

BUNDLED WITH
   1.11.2
